GEM
  remote: https://rubygems.org/
  specs:
    curb (0.8.6)

PLATFORMS
  ruby

DEPENDENCIES
  curb
